GEM
  remote: https://rubygems.org/
  specs:
    awesome_print (1.8.0)
    colorize (0.8.1)

PLATFORMS
  ruby

DEPENDENCIES
  awesome_print
  colorize

BUNDLED WITH
   2.1.4
